PATH
  remote: .
  specs:
    lifted-pairwise (0.9.0)

GEM
  remote: https://rubygems.org/
  specs:
    minitest (3.5.0)
    redcarpet (2.2.2)
    yard (0.8.3)

PLATFORMS
  ruby

DEPENDENCIES
  lifted-pairwise!
  minitest (~> 3.3)
  redcarpet
  yard (~> 0.8)
